GEM
  remote: https://rubygems.org/
  specs:
    mini_portile2 (2.4.0)
    nokogiri (1.10.10)
      mini_portile2 (~> 2.4.0)

PLATFORMS
  ruby
  x86_64-linux

DEPENDENCIES
  nokogiri

BUNDLED WITH
   2.2.16
